GEM
  remote: https://rubygems.org/
  specs:
    diff-lcs (1.5.1)
    mustermann (1.1.2)
      ruby2_keywords (~> 0.0.1)
    nio4r (2.7.1)
    puma (4.3.12)
      nio4r (~> 2.0)
    rack (2.2.9)
    rack-protection (2.0.8.1)
      rack
    rack-test (2.1.0)
      rack (>= 1.3)
    rake (13.2.0)
    rspec (3.13.0)
      rspec-core (~> 3.13.0)
      rspec-expectations (~> 3.13.0)
      rspec-mocks (~> 3.13.0)
    rspec-core (3.13.0)
      rspec-support (~> 3.13.0)
    rspec-expectations (3.13.0)
      diff-lcs (>= 1.2.0, < 2.0)
      rspec-support (~> 3.13.0)
    rspec-mocks (3.13.0)
      diff-lcs (>= 1.2.0, < 2.0)
      rspec-support (~> 3.13.0)
    rspec-support (3.13.1)
    ruby2_keywords (0.0.5)
    sinatra (2.0.8.1)
      mustermann (~> 1.0)
      rack (~> 2.0)
      rack-protection (= 2.0.8.1)
      tilt (~> 2.0)
    tilt (2.3.0)

PLATFORMS
  arm64-darwin-23
  ruby

DEPENDENCIES
  puma (= 4.3.12)
  rack-test
  rake
  rspec
  sinatra (= 2.0.8.1)

BUNDLED WITH
   2.5.3
